PATH
  remote: .
  specs:
    after_commit_exception_notification (0.2.0)
      activerecord

GEM
  remote: https://rubygems.org/
  specs:
    activemodel (5.1.2)
      activesupport (= 5.1.2)
    activerecord (5.1.2)
      activemodel (= 5.1.2)
      activesupport (= 5.1.2)
      arel (~> 8.0)
    activesupport (5.1.2)
      concurrent-ruby (~> 1.0, >= 1.0.2)
      i18n (~> 0.7)
      minitest (~> 5.1)
      tzinfo (~> 1.1)
    arel (8.0.0)
    bump (0.5.0)
    concurrent-ruby (1.0.5)
    diff-lcs (1.2.5)
    i18n (0.8.4)
    minitest (5.10.2)
    mysql2 (0.3.16)
    rake (10.3.2)
    rspec (3.0.0)
      rspec-core (~> 3.0.0)
      rspec-expectations (~> 3.0.0)
      rspec-mocks (~> 3.0.0)
    rspec-core (3.0.2)
      rspec-support (~> 3.0.0)
    rspec-expectations (3.0.2)
      diff-lcs (>= 1.2.0, < 2.0)
      rspec-support (~> 3.0.0)
    rspec-mocks (3.0.2)
      rspec-support (~> 3.0.0)
    rspec-support (3.0.2)
    thread_safe (0.3.6)
    tzinfo (1.2.3)
      thread_safe (~> 0.1)
    wwtd (0.5.3)

PLATFORMS
  ruby

DEPENDENCIES
  after_commit_exception_notification!
  bump
  mysql2
  rake
  rspec (~> 3)
  wwtd

BUNDLED WITH
   1.15.0
